PATH
  remote: .
  specs:
    stock-cli-app (1.1)

GEM
  remote: https://rubygems.org/
  specs:
    rake (10.4.2)

PLATFORMS
  ruby

DEPENDENCIES
  bundler (~> 1.16)
  rake (~> 10.0)
  stock-cli-app!

BUNDLED WITH
   1.16.2
